STORAGE: NONE
RESTRICTION: == net7.0
NUGET
  remote: https://api.nuget.org/v3/index.json
    Castle.Core (5.1.1)
      System.Diagnostics.EventLog (>= 6.0)
    Microsoft.CodeCoverage (17.7.2)
    Microsoft.NET.Test.Sdk (17.7.2)
      Microsoft.CodeCoverage (>= 17.7.2)
      Microsoft.TestPlatform.TestHost (>= 17.7.2)
    Microsoft.NETCore.Platforms (7.0.4)
    Microsoft.TestPlatform.ObjectModel (17.7.2)
      NuGet.Frameworks (>= 6.5)
      System.Reflection.Metadata (>= 1.6)
    Microsoft.TestPlatform.TestHost (17.7.2)
      Microsoft.TestPlatform.ObjectModel (>= 17.7.2)
      Newtonsoft.Json (>= 13.0.1)
    Moq (4.20.69)
      Castle.Core (>= 5.1.1)
    NETStandard.Library (2.0.3)
      Microsoft.NETCore.Platforms (>= 1.1)
    Newtonsoft.Json (13.0.3)
    NSubstitute (5.1)
      Castle.Core (>= 5.1.1)
    NuGet.Frameworks (6.7)
    NUnit (3.13.3)
      NETStandard.Library (>= 2.0)
    NUnit3TestAdapter (4.5)
    ObjectDumper.NET (4.1.3)
    System.Collections.Immutable (7.0)
    System.Diagnostics.EventLog (7.0)
    System.Reflection.Metadata (7.0.2)
      System.Collections.Immutable (>= 7.0)
