STORAGE: NONE
RESTRICTION: == net9.0
NUGET
  remote: https://api.nuget.org/v3/index.json
    Castle.Core (5.2.1)
      System.Diagnostics.EventLog (>= 6.0)
    Microsoft.ApplicationInsights (2.23)
      System.Diagnostics.DiagnosticSource (>= 5.0)
    Microsoft.CodeCoverage (17.14.1)
    Microsoft.NET.Test.Sdk (17.14.1)
      Microsoft.CodeCoverage (>= 17.14.1)
      Microsoft.TestPlatform.TestHost (>= 17.14.1)
    Microsoft.Testing.Extensions.Telemetry (1.7.3)
      Microsoft.ApplicationInsights (>= 2.23)
      Microsoft.Testing.Platform (>= 1.7.3)
    Microsoft.Testing.Extensions.TrxReport.Abstractions (1.7.3)
      Microsoft.Testing.Platform (>= 1.7.3)
    Microsoft.Testing.Extensions.VSTestBridge (1.7.3)
      Microsoft.Testing.Extensions.Telemetry (>= 1.7.3)
      Microsoft.Testing.Extensions.TrxReport.Abstractions (>= 1.7.3)
      Microsoft.Testing.Platform (>= 1.7.3)
      Microsoft.TestPlatform.AdapterUtilities (>= 17.13)
      Microsoft.TestPlatform.ObjectModel (>= 17.13)
    Microsoft.Testing.Platform (1.7.3)
    Microsoft.Testing.Platform.MSBuild (1.7.3)
      Microsoft.Testing.Platform (>= 1.7.3)
    Microsoft.TestPlatform.AdapterUtilities (17.14.1)
    Microsoft.TestPlatform.ObjectModel (17.14.1)
      System.Reflection.Metadata (>= 8.0)
    Microsoft.TestPlatform.TestHost (17.14.1)
      Microsoft.TestPlatform.ObjectModel (>= 17.14.1)
      Newtonsoft.Json (>= 13.0.3)
    Moq (4.20.72)
      Castle.Core (>= 5.1.1)
    Newtonsoft.Json (13.0.3)
    NSubstitute (5.3)
      Castle.Core (>= 5.1.1)
    NUnit (4.3.2)
    NUnit3TestAdapter (5.0)
      Microsoft.Testing.Extensions.VSTestBridge (>= 1.5.3)
      Microsoft.Testing.Platform.MSBuild (>= 1.5.3)
    ObjectDumper.NET (4.3.2)
    System.Diagnostics.DiagnosticSource (9.0.7)
    System.Diagnostics.EventLog (9.0.7)
    System.Reflection.Metadata (9.0.7)
